PATH
  remote: .
  specs:
    em-ssh (0.8.2)
      eventmachine (~> 1.2)
      net-ssh (> 3.2)

GEM
  remote: http://rubygems.org/
  specs:
    coderay (1.1.2)
    diff-lcs (1.3)
    eventmachine (1.2.5)
    highline (1.7.8)
    method_source (0.9.0)
    net-ssh (4.2.0)
    pry (0.11.1)
      coderay (~> 1.1.0)
      method_source (~> 0.9.0)
    rspec (3.6.0)
      rspec-core (~> 3.6.0)
      rspec-expectations (~> 3.6.0)
      rspec-mocks (~> 3.6.0)
    rspec-core (3.6.0)
      rspec-support (~> 3.6.0)
    rspec-expectations (3.6.0)
      diff-lcs (>= 1.2.0, < 2.0)
      rspec-support (~> 3.6.0)
    rspec-mocks (3.6.0)
      diff-lcs (>= 1.2.0, < 2.0)
      rspec-support (~> 3.6.0)
    rspec-support (3.6.0)
    ruby-termios (0.9.6)

PLATFORMS
  ruby

DEPENDENCIES
  em-ssh!
  highline (~> 1.6)
  pry
  rspec
  rspec-core
  ruby-termios (~> 0.9)

BUNDLED WITH
   1.16.0.pre.2
